GEM
  remote: https://rubygems.org/
  specs:
    command (1.0.0)
    table_print (1.5.6)
    thor (0.19.1)

PLATFORMS
  ruby

DEPENDENCIES
  command
  table_print
  thor

BUNDLED WITH
   1.11.2
